GEM
  remote: http://rubygems.org/
  specs:
    haml (3.1.6)
    sass (3.1.20)

PLATFORMS
  ruby

DEPENDENCIES
  haml
  sass
